NUGET
  remote: https://nuget.org/api/v2
  specs:
    DiffSharp (0.6.3)
      FsAlg (>= 0.5.8)
      FSharp.Quotations.Evaluator (>= 1.0.6)
    FsAlg (0.5.13)
    FSharp.Core (4.0.0.1)
    FSharp.Data (2.2.5)
      Zlib.Portable (>= 1.10.0) - framework: portable-net40+sl50+wp80+win80
    FSharp.Quotations.Evaluator (1.0.6)
    FsPickler (1.3.5)
    Google.DataTable.Net.Wrapper (3.1.2)
    MathNet.Numerics (3.9.0)
      TaskParallelLibrary (>= 1.0.2856.0) - framework: net35
    MathNet.Numerics.FSharp (3.9.0)
      FSharp.Core (>= 3.1.2.5)
      MathNet.Numerics (3.9.0)
    Newtonsoft.Json (7.0.1)
    Suave (0.31.1)
      FSharp.Core (>= 4.0.0.1)
      FsPickler (>= 1.2.5)
    TaskParallelLibrary (1.0.2856) - framework: net35
    XPlot.GoogleCharts (1.2.0)
      Google.DataTable.Net.Wrapper
      Newtonsoft.Json
    Zlib.Portable (1.11.0) - framework: portable-net40+sl50+wp80+win80
